GEM
  remote: https://rubygems.org/
  specs:
    diff-lcs (1.2.5)
    extlib (0.9.16)
    highline (1.7.3)
    rspec-sinatra (0.1.2)
      templater (>= 1.0.0)
    templater (1.0.0)
      diff-lcs (>= 1.1.2)
      extlib (>= 0.9.5)
      highline (>= 1.4.0)

PLATFORMS
  ruby

DEPENDENCIES
  rspec-sinatra
